GEM
  remote: http://rubygems.org/
  specs:
    rack (1.3.1)
    rmagick (2.13.1)

PLATFORMS
  ruby

DEPENDENCIES
  rack
  rmagick
