GEM
  remote: https://rubygems.org/
  specs:
    dalli (2.6.4)
    excon (0.25.3)
    kgio (2.8.0)
    rack (1.5.2)
    rack-cache (1.2)
      rack (>= 0.4)
    raindrops (0.11.0)
    rmagick (2.13.1)
    sinatra (1.2.6)
      rack (~> 1.1)
      tilt (>= 1.2.2, < 2.0)
    tilt (1.3.2)
    unicorn (4.6.3)
      kgio (~> 2.6)
      rack
      raindrops (~> 0.7)

PLATFORMS
  ruby

DEPENDENCIES
  dalli
  excon
  rack-cache
  rmagick
  sinatra
  unicorn
