GEM
  remote: https://rubygems.org/
  specs:
    dalli (2.7.6)
    excon (0.54.0)
    kgio (2.10.0)
    rack (1.6.5)
    rack-cache (1.6.1)
      rack (>= 0.4)
    rack-protection (1.5.3)
      rack
    raindrops (0.17.0)
    rmagick (2.16.0)
    sinatra (1.4.7)
      rack (~> 1.5)
      rack-protection (~> 1.4)
      tilt (>= 1.3, < 3)
    tilt (2.0.5)
    unicorn (5.2.0)
      kgio (~> 2.6)
      raindrops (~> 0.7)

PLATFORMS
  ruby

DEPENDENCIES
  dalli
  excon
  rack-cache
  rmagick
  sinatra
  unicorn

BUNDLED WITH
   1.13.6
